PATH
  remote: .
  specs:
    robot-factory (0.1.0)

GEM
  remote: https://rubygems.org/
  specs:
    diff-lcs (1.4.4)
    mocha (1.12.0)
    rake (10.5.0)
    rspec (3.10.0)
      rspec-core (~> 3.10.0)
      rspec-expectations (~> 3.10.0)
      rspec-mocks (~> 3.10.0)
    rspec-core (3.10.1)
      rspec-support (~> 3.10.0)
    rspec-expectations (3.10.1)
      diff-lcs (>= 1.2.0, < 2.0)
      rspec-support (~> 3.10.0)
    rspec-mocks (3.10.2)
      diff-lcs (>= 1.2.0, < 2.0)
      rspec-support (~> 3.10.0)
    rspec-support (3.10.2)

PLATFORMS
  ruby

DEPENDENCIES
  bundler (~> 2.0)
  mocha
  rake (~> 10.0)
  robot-factory!
  rspec (~> 3.0)

BUNDLED WITH
   2.0.2
